PATH
  remote: /Users/jade/Dropbox/gems/ruhoh
  specs:
    ruhoh (3.0)
      directory_watcher (~> 1.4.0)
      mustache (~> 0.99)
      nokogiri (~> 1.5)
      rack (~> 1.4)
      redcarpet (~> 2.1)
      silly (~> 0)

PATH
  remote: /Users/jade/Dropbox/gems/silly
  specs:
    silly (0.0.2)
      mime-types (~> 2.1)

GEM
  remote: https://rubygems.org/
  specs:
    aws-sdk (1.38.0)
      json (~> 1.4)
      nokogiri (>= 1.4.4)
      uuidtools (~> 2.1)
    daemons (1.1.9)
    directory_watcher (1.4.1)
    eventmachine (1.0.3)
    haml (4.0.5)
      tilt
    hike (1.2.3)
    json (1.8.1)
    mime-types (2.4.1)
    mini_portile (0.6.0)
    multi_json (1.10.1)
    mustache (0.99.6)
    nokogiri (1.6.3.1)
      mini_portile (= 0.6.0)
    rack (1.5.2)
    redcarpet (2.3.0)
    rouge (1.7.7)
    sass (3.3.11)
    sprockets (2.12.1)
      hike (~> 1.2)
      multi_json (~> 1.0)
      rack (~> 1.0)
      tilt (~> 1.1, != 1.3.0)
    thin (1.6.3)
      daemons (~> 1.0, >= 1.0.9)
      eventmachine (~> 1.0)
      rack (~> 1.0)
    tilt (1.4.1)
    uuidtools (2.1.4)

PLATFORMS
  ruby

DEPENDENCIES
  aws-sdk
  haml
  rouge
  ruhoh!
  sass
  silly!
  sprockets (~> 2.9)
  thin
